GEM
  remote: https://rubygems.org/
  specs:
    coderay (1.1.1)
    method_source (0.8.2)
    mini_portile2 (2.2.0)
    moji (1.6)
    mojinizer (0.2.2)
      moji (~> 1.6)
    nokogiri (1.8.0)
      mini_portile2 (~> 2.2.0)
    pry (0.10.4)
      coderay (~> 1.1.0)
      method_source (~> 0.8.1)
      slop (~> 3.4)
    slop (3.6.0)
    sqlite3 (1.3.13)

PLATFORMS
  ruby

DEPENDENCIES
  mojinizer (~> 0.2)
  nokogiri (~> 1.6)
  pry
  sqlite3 (~> 1.3)

BUNDLED WITH
   1.15.1
